PATH
  remote: .
  specs:
    ssh-exec (0.1.0)
      net-ssh (~> 5.0)

GEM
  remote: https://rubygems.org/
  specs:
    net-ssh (5.0.2)
    rake (10.5.0)

PLATFORMS
  ruby

DEPENDENCIES
  bundler (~> 1.16)
  rake (~> 10.0)
  ssh-exec!

BUNDLED WITH
   1.16.4
